GEM
  remote: https://rubygems.org/
  specs:
    async (2.6.4)
      console (~> 1.10)
      fiber-annotation
      io-event (~> 1.1)
      timers (~> 4.1)
    bigdecimal (3.1.4)
    cd (1.0.1)
    clipboard (1.3.6)
    code (0.9.4)
      coderay (~> 1.1)
      method_source (>= 0.9, < 2.0)
    coderay (1.1.3)
    connection_pool (2.4.1)
    console (1.23.2)
      fiber-annotation
      fiber-local
    core_docs (0.9.9)
      yard (~> 0.9.11)
    debugging (2.1.0)
      paint (>= 0.9, < 3.0)
    every_day_irb (2.2.0)
      cd (~> 1.0)
    fancy_irb (2.0.0)
      irb (>= 1.7, < 2.0)
      paint (>= 0.9, < 3.0)
      unicode-display_width (>= 2.5)
    ffi (1.16.3)
    fiber-annotation (0.2.0)
    fiber-local (1.0.0)
    fiber_scheduler (0.13.0)
    hirb (0.7.3)
    hiredis (0.6.3)
    hiredis-client (0.17.0)
      redis-client (= 0.17.0)
    httparty (0.21.0)
      mini_mime (>= 1.0.0)
      multi_xml (>= 0.5.2)
    interactive_editor (0.0.12)
      spoon (~> 0.0.6)
    io-console (0.6.0)
    io-event (1.3.2)
    irb (1.8.1)
      rdoc
      reline (>= 0.3.8)
    irbtools (4.0.5)
      clipboard (~> 1.3)
      code (>= 0.9.4, < 2.0)
      coderay (~> 1.1)
      core_docs (~> 0.9.9)
      debugging (~> 2.1)
      every_day_irb (~> 2.2)
      fancy_irb (~> 2.0)
      hirb (~> 0.7, >= 0.7.3)
      interactive_editor (~> 0.0, >= 0.0.12)
      irb (~> 1.8)
      looksee (~> 5.0)
      methodfinder (~> 2.2, >= 2.2.5)
      object_shadow (~> 1.1)
      os (~> 1.1, >= 1.1.4)
      paint (>= 0.9, < 3.0)
      ruby_engine (~> 2.0)
      ruby_version (~> 1.0)
      wirb (~> 2.0, >= 2.2.1)
    looksee (5.0.0)
    method_source (1.0.0)
    methodfinder (2.2.5)
    mini_mime (1.1.5)
    multi_xml (0.6.0)
    object_shadow (1.1.1)
    os (1.1.4)
    paint (2.3.0)
    pg (1.5.4)
    psych (5.1.0)
      stringio
    rdoc (6.5.0)
      psych (>= 4.0.0)
    redis (5.0.7)
      redis-client (>= 0.9.0)
    redis-client (0.17.0)
      connection_pool
    reline (0.3.9)
      io-console (~> 0.5)
    ruby_engine (2.0.0)
    ruby_version (1.0.3)
    sequel (5.73.0)
      bigdecimal
    spoon (0.0.6)
      ffi
    sqlite3 (1.6.6-arm64-darwin)
    stringio (3.0.8)
    timers (4.3.5)
    unicode-display_width (2.5.0)
    wirb (2.2.2)
      paint (>= 0.9, < 3.0)
    yard (0.9.34)

PLATFORMS
  arm64-darwin-21

DEPENDENCIES
  async
  fiber_scheduler
  hiredis
  hiredis-client
  httparty
  irbtools
  pg (= 1.5.4)
  redis
  sequel
  sqlite3

RUBY VERSION
   ruby 3.1.2p20

BUNDLED WITH
   2.3.23
